GEM
  remote: https://rubygems.org/
  remote: http://gems.github.com/
  specs:
    celluloid (0.15.2)
      timers (~> 1.1.0)
    columnize (0.3.6)
    connection_pool (1.2.0)
    daemons (1.1.9)
    debugger (1.6.5)
      columnize (>= 0.3.1)
      debugger-linecache (~> 1.2.0)
      debugger-ruby_core_source (~> 1.3.1)
    debugger-linecache (1.2.0)
    debugger-ruby_core_source (1.3.1)
    eventmachine (1.0.3)
    google-search (1.0.3)
      json
    json (1.8.1)
    mini_magick (3.7.0)
      subexec (~> 0.2.1)
    rack (1.5.2)
    rack-protection (1.5.1)
      rack
    redis (3.0.6)
    redis-namespace (1.4.1)
      redis (~> 3.0.4)
    sidekiq (2.17.2)
      celluloid (>= 0.15.2)
      connection_pool (>= 1.0.0)
      json
      redis (>= 3.0.6)
      redis-namespace (>= 1.3.1)
    sinatra (1.4.4)
      rack (~> 1.4)
      rack-protection (~> 1.4)
      tilt (~> 1.3, >= 1.3.4)
    subexec (0.2.3)
    thin (1.6.1)
      daemons (>= 1.0.9)
      eventmachine (>= 1.0.0)
      rack (>= 1.0.0)
    tilt (1.4.1)
    timers (1.1.0)

PLATFORMS
  ruby

DEPENDENCIES
  debugger
  google-search
  json
  mini_magick
  redis
  sidekiq
  sinatra
  thin
